GIT
  remote: https://github.com/cloudfoundry/steno.git
  revision: d88c70767c43a5eff32ccb47e3bb561b981e62e8
  specs:
    steno (1.1.0)
      fluent-logger
      grape
      yajl-ruby (~> 1.0)

GIT
  remote: https://github.com/cloudfoundry/vcap-common.git
  revision: f7653c1140e6818fca6dd9a7591c2e3dc8d2e24b
  specs:
    vcap_common (2.0.11)
      em-http-request (~> 1.0)
      eventmachine
      httpclient
      membrane (~> 0.0.2)
      mime-types
      multipart-post
      nats (~> 0.4.24)
      posix-spawn (~> 0.3.6)
      thin
      vmstat (~> 2.0)
      yajl-ruby

GEM
  remote: http://rubygems.org/
  specs:
    activesupport (3.2.13)
      i18n (= 0.6.1)
      multi_json (~> 1.0)
    addressable (2.3.4)
    backports (3.3.1)
    builder (3.2.2)
    cookiejar (0.3.0)
    daemons (1.1.9)
    descendants_tracker (0.0.1)
    diff-lcs (1.2.4)
    em-http-request (1.0.3)
      addressable (>= 2.2.3)
      cookiejar
      em-socksify
      eventmachine (>= 1.0.0.beta.4)
      http_parser.rb (>= 0.5.3)
    em-socksify (0.2.1)
      eventmachine (>= 1.0.0.beta.4)
    eventmachine (1.0.3)
    fluent-logger (0.4.5)
      msgpack (= 0.4.7)
      yajl-ruby (~> 1.0)
    grape (0.4.1)
      activesupport
      builder
      hashie (>= 1.2.0)
      multi_json (>= 1.3.2)
      multi_xml (>= 0.5.2)
      rack (>= 1.3.0)
      rack-accept
      rack-mount
      virtus
    hashie (2.0.5)
    http_parser.rb (0.5.3)
    httparty (0.11.0)
      multi_json (~> 1.0)
      multi_xml (>= 0.5.2)
    httpclient (2.3.3)
    i18n (0.6.1)
    json_pure (1.8.0)
    membrane (0.0.2)
    mime-types (1.23)
    msgpack (0.4.7)
    multi_json (1.7.6)
    multi_xml (0.5.4)
    multipart-post (1.2.0)
    nats (0.4.26)
      daemons (>= 1.1.5)
      eventmachine (>= 0.12.10)
      json_pure (>= 1.7.3)
      thin (>= 1.4.1)
    posix-spawn (0.3.6)
    rack (1.5.2)
    rack-accept (0.4.5)
      rack (>= 0.4)
    rack-mount (0.8.3)
      rack (>= 1.0.0)
    rack-protection (1.5.0)
      rack
    rake (10.0.4)
    rest-client (1.6.7)
      mime-types (>= 1.16)
    rspec (2.13.0)
      rspec-core (~> 2.13.0)
      rspec-expectations (~> 2.13.0)
      rspec-mocks (~> 2.13.0)
    rspec-core (2.13.1)
    rspec-expectations (2.13.0)
      diff-lcs (>= 1.1.3, < 2.0)
    rspec-mocks (2.13.1)
    sinatra (1.4.2)
      rack (~> 1.5, >= 1.5.2)
      rack-protection (~> 1.4)
      tilt (~> 1.3, >= 1.3.4)
    thin (1.5.1)
      daemons (>= 1.0.9)
      eventmachine (>= 0.12.6)
      rack (>= 1.0.0)
    tilt (1.3.7)
    timecop (0.6.1)
    virtus (0.5.5)
      backports (~> 3.3)
      descendants_tracker (~> 0.0.1)
    vmstat (2.0.0)
    yajl-ruby (1.1.0)

PLATFORMS
  ruby

DEPENDENCIES
  em-http-request
  eventmachine (~> 1.0.0)
  httparty
  rake
  rest-client
  rspec
  sinatra
  steno (~> 1.1.0)!
  timecop
  vcap_common!
  yajl-ruby
